GEM
  remote: https://rubygems.org/
  specs:
    rack (1.6.4)
    rack-protection (1.5.3)
      rack
    shotgun (0.9.1)
      rack (>= 1.0)
    sinatra (1.4.7)
      rack (~> 1.5)
      rack-protection (~> 1.4)
      tilt (>= 1.3, < 3)
    spellchecker (0.1.5)
    tilt (2.0.2)
    wikipedia-client (1.6.3)

PLATFORMS
  ruby

DEPENDENCIES
  bundler
  shotgun
  sinatra
  spellchecker (~> 0.1.5)
  wikipedia-client (~> 1.6.3)

BUNDLED WITH
   1.14.5
